PATH
  remote: .
  specs:
    mathix (1.0.0)

GEM
  remote: http://rubygems.org/
  specs:
    minitest (4.7.5)
    rake (10.3.2)

PLATFORMS
  ruby

DEPENDENCIES
  mathix!
  minitest (~> 4.0)
  rake
